GEM
  remote: https://rubygems.org/
  specs:
    addressable (2.5.2)
      public_suffix (>= 2.0.2, < 4.0)
    capybara (2.17.0)
      addressable
      mini_mime (>= 0.1.3)
      nokogiri (>= 1.3.3)
      rack (>= 1.0.0)
      rack-test (>= 0.5.4)
      xpath (>= 2.0, < 4.0)
    capybara-screenshot (1.0.18)
      capybara (>= 1.0, < 3)
      launchy
    childprocess (0.8.0)
      ffi (~> 1.0, >= 1.0.11)
    classy_hash (0.2.1)
    coderay (1.1.2)
    diff-lcs (1.3)
    ffi (1.9.18)
    formatador (0.2.5)
    guard (2.14.2)
      formatador (>= 0.2.4)
      listen (>= 2.7, < 4.0)
      lumberjack (>= 1.0.12, < 2.0)
      nenv (~> 0.1)
      notiffany (~> 0.0)
      pry (>= 0.9.12)
      shellany (~> 0.0)
      thor (>= 0.18.1)
    guard-compat (1.2.1)
    guard-rspec (4.7.3)
      guard (~> 2.1)
      guard-compat (~> 1.1)
      rspec (>= 2.99.0, < 4.0)
    guard-shell (0.7.1)
      guard (>= 2.0.0)
      guard-compat (~> 1.0)
    hashformer (0.3.1)
      classy_hash (~> 0.1, >= 0.1.1)
    hashie (3.5.7)
    json-schema (2.8.0)
      addressable (>= 2.4)
    launchy (2.4.3)
      addressable (~> 2.3)
    listen (3.1.5)
      rb-fsevent (~> 0.9, >= 0.9.4)
      rb-inotify (~> 0.9, >= 0.9.7)
      ruby_dep (~> 1.2)
    lumberjack (1.0.12)
    method_source (0.9.0)
    mini_mime (1.0.0)
    mini_portile2 (2.3.0)
    mustache (1.0.5)
    nenv (0.3.0)
    nokogiri (1.8.2)
      mini_portile2 (~> 2.3.0)
    notiffany (0.1.1)
      nenv (~> 0.1)
      shellany (~> 0.0)
    polyglot (0.3.5)
    pry (0.11.3)
      coderay (~> 1.1.0)
      method_source (~> 0.9.0)
    pry-doc (0.12.0)
      pry (~> 0.9)
      yard (~> 0.9)
    public_suffix (3.0.1)
    rack (2.0.4)
    rack-test (0.8.2)
      rack (>= 1.0, < 3)
    rake (12.3.0)
    rb-fsevent (0.10.2)
    rb-inotify (0.9.10)
      ffi (>= 0.5.0, < 2)
    rb-readline (0.5.5)
    rspec (3.7.0)
      rspec-core (~> 3.7.0)
      rspec-expectations (~> 3.7.0)
      rspec-mocks (~> 3.7.0)
    rspec-core (3.7.1)
      rspec-support (~> 3.7.0)
    rspec-expectations (3.7.0)
      diff-lcs (>= 1.2.0, < 2.0)
      rspec-support (~> 3.7.0)
    rspec-mocks (3.7.0)
      diff-lcs (>= 1.2.0, < 2.0)
      rspec-support (~> 3.7.0)
    rspec-support (3.7.1)
    ruby_dep (1.5.0)
    rubyzip (1.2.1)
    selenium-webdriver (3.8.0)
      childprocess (~> 0.5)
      rubyzip (~> 1.0)
    shellany (0.0.1)
    sqlite3 (1.3.13)
    sqlite3-ruby (1.3.3)
      sqlite3 (>= 1.3.3)
    thor (0.20.0)
    tla-parser-s (0.2.5)
      ffi (~> 1.9, >= 1.9.18)
      thor (~> 0.19, >= 0.19.1)
      treetop (~> 1.6, >= 1.6.3)
    tla-sbuilder (0.3.9)
      hashie (~> 3.3, >= 3.3.2)
      json-schema (~> 2.5, >= 2.5.2)
      mustache (~> 1.0, >= 1.0.3)
      thor (~> 0.19, >= 0.19.1)
      tla-parser-s (~> 0.2, >= 0.2.2)
    tla-trace-arch (0.1.1)
      tla-trace-filter (~> 0.0, >= 0.0.6)
    tla-trace-filter (0.0.6)
      mustache (~> 1.0, >= 1.0.3)
      thor (~> 0.19, >= 0.19.1)
      tla-sbuilder (~> 0.3, >= 0.3.9)
      treetop (~> 1.6, >= 1.6.3)
    treetop (1.6.9)
      polyglot (~> 0.3)
    xpath (3.0.0)
      nokogiri (~> 1.8)
    yard (0.9.12)

PLATFORMS
  ruby

DEPENDENCIES
  capybara
  capybara-screenshot
  guard
  guard-rspec
  guard-shell
  hashformer (~> 0.3.1, >= 0.3.1)
  pry
  pry-doc
  rake
  rb-readline
  rspec
  selenium-webdriver
  sqlite3-ruby
  tla-trace-arch (= 0.1.1)

BUNDLED WITH
   1.15.4
